GEM
  remote: http://rubygems.org/
  specs:
    diff-lcs (1.1.3)
    kgio (2.7.4)
    rack (1.4.1)
    rack-protection (1.2.0)
      rack
    rack-timeout (0.0.3)
    raindrops (0.8.0)
    rake (0.9.2.2)
    rspec (2.9.0)
      rspec-core (~> 2.9.0)
      rspec-expectations (~> 2.9.0)
      rspec-mocks (~> 2.9.0)
    rspec-core (2.9.0)
    rspec-expectations (2.9.1)
      diff-lcs (~> 1.1.3)
    rspec-mocks (2.9.0)
    ruby_cop (1.0.4)
    sinatra (1.3.2)
      rack (~> 1.3, >= 1.3.6)
      rack-protection (~> 1.2)
      tilt (~> 1.3, >= 1.3.3)
    tilt (1.3.3)
    unicorn (4.3.1)
      kgio (~> 2.6)
      rack
      raindrops (~> 0.7)

PLATFORMS
  ruby

DEPENDENCIES
  rack-timeout
  rake (~> 0.9.2)
  rspec (~> 2.9)
  ruby_cop
  sinatra
  unicorn
